GEM
  remote: https://rubygems.org/
  specs:
    coderay (1.1.2)
    concurrent-ruby (1.0.5)
    diffy (3.2.0)
    dotenv (2.5.0)
    faker (1.9.1)
      i18n (>= 0.7)
    httparty (0.21.0)
      mini_mime (>= 1.0.0)
      multi_xml (>= 0.5.2)
    i18n (1.0.1)
      concurrent-ruby (~> 1.0)
    legitable (0.1.0)
    linode (0.9.1)
      httparty (~> 0.0)
    method_source (0.9.0)
    mini_mime (1.1.2)
    multi_xml (0.6.0)
    pry (0.11.3)
      coderay (~> 1.1.0)
      method_source (~> 0.9.0)
    rake (12.3.3)
    term-ansicolor (1.6.0)
      tins (~> 1.0)
    thor (0.19.4)
    tins (1.16.3)

PLATFORMS
  ruby

DEPENDENCIES
  diffy
  dotenv
  faker
  legitable
  linode
  pry
  rake
  term-ansicolor
  thor

BUNDLED WITH
   1.16.1
