GEM
  remote: https://rubygems.org/
  specs:
    diffy (3.2.0)
    rake (12.0.0)
    term-ansicolor (1.6.0)
      tins (~> 1.0)
    thor (0.19.4)
    tins (1.16.3)

PLATFORMS
  ruby

DEPENDENCIES
  diffy
  rake
  term-ansicolor
  thor

BUNDLED WITH
   1.16.0.pre.2
